PATH
  remote: .
  specs:
    gitdig (0.1.1)
      octokit (>= 4.13, < 4.17)
      pastel (~> 0.7.2)
      thor (>= 0.20, < 1.1)
      tty-box (~> 0.3.0)
      tty-color (~> 0.4)
      tty-command (~> 0.8.0)
      tty-config (~> 0.3.0)
      tty-cursor (~> 0.6)
      tty-editor (~> 0.5.0)
      tty-file (>= 0.7, < 0.9)
      tty-font (>= 0.2, < 0.6)
      tty-markdown (>= 0.5, < 0.7)
      tty-pager (~> 0.12.0)
      tty-pie (>= 0.1, < 0.4)
      tty-platform (>= 0.2, < 0.4)
      tty-progressbar (~> 0.16.0)
      tty-prompt (~> 0.18.0)
      tty-screen (~> 0.6)
      tty-spinner (~> 0.9.0)
      tty-table (~> 0.10.0)
      tty-tree (>= 0.2, < 0.5)
      tty-which (~> 0.4)

GEM
  remote: https://rubygems.org/
  specs:
    addressable (2.7.0)
      public_suffix (>= 2.0.2, < 5.0)
    byebug (11.0.0)
    diff-lcs (1.3)
    equatable (0.5.0)
    faraday (1.0.0)
      multipart-post (>= 1.2, < 3)
    kramdown (1.16.2)
    multipart-post (2.1.1)
    necromancer (0.4.0)
    octokit (4.16.0)
      faraday (>= 0.9)
      sawyer (~> 0.8.0, >= 0.5.3)
    pastel (0.7.2)
      equatable (~> 0.5.0)
      tty-color (~> 0.4.0)
    public_suffix (4.0.3)
    rake (10.5.0)
    rouge (3.16.0)
    rspec (3.9.0)
      rspec-core (~> 3.9.0)
      rspec-expectations (~> 3.9.0)
      rspec-mocks (~> 3.9.0)
    rspec-core (3.9.0)
      rspec-support (~> 3.9.0)
    rspec-expectations (3.9.0)
      diff-lcs (>= 1.2.0, < 2.0)
      rspec-support (~> 3.9.0)
    rspec-mocks (3.9.0)
      diff-lcs (>= 1.2.0, < 2.0)
      rspec-support (~> 3.9.0)
    rspec-support (3.9.0)
    sawyer (0.8.2)
      addressable (>= 2.3.5)
      faraday (> 0.8, < 2.0)
    strings (0.1.8)
      strings-ansi (~> 0.1)
      unicode-display_width (~> 1.5)
      unicode_utils (~> 1.4)
    strings-ansi (0.1.0)
    thor (1.0.1)
    timers (4.3.0)
    tty-box (0.3.0)
      pastel (~> 0.7.2)
      strings (~> 0.1.4)
      tty-cursor (~> 0.6.0)
    tty-color (0.4.3)
    tty-command (0.8.2)
      pastel (~> 0.7.0)
    tty-config (0.3.2)
    tty-cursor (0.6.1)
    tty-editor (0.5.0)
      tty-prompt (~> 0.18)
      tty-which (~> 0.4)
    tty-file (0.8.0)
      diff-lcs (~> 1.3)
      pastel (~> 0.7.2)
      tty-prompt (~> 0.18)
    tty-font (0.5.0)
    tty-markdown (0.6.0)
      kramdown (~> 1.16.2)
      pastel (~> 0.7.2)
      rouge (~> 3.3)
      strings (~> 0.1.4)
      tty-color (~> 0.4)
      tty-screen (~> 0.6)
    tty-pager (0.12.1)
      strings (~> 0.1.4)
      tty-screen (~> 0.6)
      tty-which (~> 0.4)
    tty-pie (0.2.0)
      pastel (~> 0.7.2)
      tty-cursor (~> 0.6.0)
    tty-platform (0.3.0)
    tty-progressbar (0.16.0)
      strings-ansi (~> 0.1.0)
      tty-cursor (~> 0.6.0)
      tty-screen (~> 0.6.4)
      unicode-display_width (~> 1.3)
    tty-prompt (0.18.1)
      necromancer (~> 0.4.0)
      pastel (~> 0.7.0)
      timers (~> 4.0)
      tty-cursor (~> 0.6.0)
      tty-reader (~> 0.5.0)
    tty-reader (0.5.0)
      tty-cursor (~> 0.6.0)
      tty-screen (~> 0.6.4)
      wisper (~> 2.0.0)
    tty-screen (0.6.5)
    tty-spinner (0.9.0)
      tty-cursor (~> 0.6.0)
    tty-table (0.10.0)
      equatable (~> 0.5.0)
      necromancer (~> 0.4.0)
      pastel (~> 0.7.2)
      strings (~> 0.1.0)
      tty-screen (~> 0.6.4)
    tty-tree (0.4.0)
    tty-which (0.4.2)
    unicode-display_width (1.6.1)
    unicode_utils (1.4.0)
    wisper (2.0.1)

PLATFORMS
  ruby

DEPENDENCIES
  bundler (~> 1.17)
  byebug
  gitdig!
  rake (~> 10.0)
  rspec (~> 3.0)

BUNDLED WITH
   1.17.2
